GEM
  remote: https://rubygems.org/
  specs:
    aws-sdk (2.1.35)
      aws-sdk-resources (= 2.1.35)
    aws-sdk-core (2.1.35)
      jmespath (~> 1.0)
    aws-sdk-resources (2.1.35)
      aws-sdk-core (= 2.1.35)
    coderay (1.1.1)
    dotenv (2.0.2)
    jmespath (1.1.3)
    method_source (0.8.2)
    pg (0.18.3)
    pry (0.10.3)
      coderay (~> 1.1.0)
      method_source (~> 0.8.1)
      slop (~> 3.4)
    slop (3.6.0)

PLATFORMS
  ruby

DEPENDENCIES
  aws-sdk (~> 2)
  dotenv
  pg
  pry

BUNDLED WITH
   1.11.2
